GEM
  remote: http://rubygems.org/
  specs:
    albacore (2.0.16)
      map (~> 6.5)
      nokogiri (~> 1.5)
      rake (~> 10)
      semver2 (~> 3.4)
    map (6.5.5)
    mini_portile2 (2.8.5)
    nokogiri (1.16.3)
      mini_portile2 (~> 2.8.2)
      racc (~> 1.4)
    nokogiri (1.16.3-x86-mingw32)
      racc (~> 1.4)
    racc (1.7.3)
    rake (10.3.2)
    semver2 (3.4.0)

PLATFORMS
  ruby
  x86-mingw32

DEPENDENCIES
  albacore (~> 2.0.0)
